PATH
  remote: ./libhid-ruby
  specs:
    libhid-ruby (0.0.1)
      ffi (>= 1.0.0)

GEM
  remote: https://rubygems.org/
  specs:
    coderay (1.0.8)
    ffi (1.4.0)
    method_source (0.8.1)
    pry (0.9.12)
      coderay (~> 1.0.5)
      method_source (~> 0.8)
      slop (~> 3.4)
    slop (3.4.3)

PLATFORMS
  ruby

DEPENDENCIES
  libhid-ruby!
  pry
